PATH
  remote: .
  specs:
    ilkbyte (0.2.1)
      bundler
      faraday (~> 1.1)
      rake (~> 12.0)

GEM
  remote: https://rubygems.org/
  specs:
    addressable (2.7.0)
      public_suffix (>= 2.0.2, < 5.0)
    crack (0.4.3)
      safe_yaml (~> 1.0.0)
    faraday (1.1.0)
      multipart-post (>= 1.2, < 3)
      ruby2_keywords
    hashdiff (1.0.0)
    minitest (5.14.2)
    multipart-post (2.1.1)
    public_suffix (4.0.6)
    rake (12.3.3)
    ruby2_keywords (0.0.2)
    rubytest (0.8.1)
    safe_yaml (1.0.5)
    test (1.0.0)
      rubytest
    vcr (4.0.0)
    webmock (3.7.6)
      addressable (>= 2.3.6)
      crack (>= 0.3.2)
      hashdiff (>= 0.4.0, < 2.0.0)

PLATFORMS
  ruby

DEPENDENCIES
  faraday (~> 1.1)
  ilkbyte!
  minitest (~> 5.0)
  rake (~> 12.0)
  test
  vcr (~> 4.0)
  webmock (~> 3.5, >= 3.5.1)

BUNDLED WITH
   2.1.4
